GEM
  remote: https://rubygems.org/
  specs:
    mysql2 (0.5.2)

PLATFORMS
  ruby

DEPENDENCIES
  mysql2

RUBY VERSION
   ruby 2.4.4p296

BUNDLED WITH
   1.16.2
